GEM
  remote: https://rubygems.org/
  specs:
    listen (0.7.1)
    rack (1.5.2)
    rack-protection (1.5.1)
      rack
    rb-fsevent (0.9.3)
    rerun (0.7.1)
      listen
    sinatra (1.4.4)
      rack (~> 1.4)
      rack-protection (~> 1.4)
      tilt (~> 1.3, >= 1.3.4)
    tilt (1.4.1)

PLATFORMS
  ruby

DEPENDENCIES
  rb-fsevent (~> 0.9.1)
  rerun
  sinatra
